GEM
  remote: https://rubygems.org/
  specs:
    addressable (2.4.0)
    akami (1.3.1)
      gyoku (>= 0.4.0)
      nokogiri
    aws-sdk (2.2.26)
      aws-sdk-resources (= 2.2.26)
    aws-sdk-core (2.2.26)
      jmespath (~> 1.0)
    aws-sdk-resources (2.2.26)
      aws-sdk-core (= 2.2.26)
    builder (3.2.2)
    faraday (0.9.2)
      multipart-post (>= 1.2, < 3)
    google-ads-common (0.11.3)
      google-ads-savon (~> 1.0.1)
      httpclient (~> 2.7)
      httpi (~> 2.3)
      signet (~> 0.7.0)
    google-ads-savon (1.0.1)
      akami (~> 1.2)
      builder (>= 2.1.2)
      gyoku (~> 1.2)
      httpi (~> 2.3)
      nokogiri (>= 1.4.0)
      nori (~> 2.4)
      wasabi (~> 3.4)
    google-adwords-api (0.18.1)
      google-ads-common (~> 0.11.2)
    gyoku (1.3.1)
      builder (>= 2.1.2)
    hashie (3.4.3)
    httpclient (2.7.1)
    httpi (2.4.1)
      rack
    jmespath (1.1.3)
    jwt (1.5.3)
    mini_portile2 (2.0.0)
    multi_json (1.11.2)
    multipart-post (2.0.0)
    mysql2 (0.4.3)
    mysql2-cs-bind (0.0.6)
      mysql2
    nokogiri (1.6.7.2)
      mini_portile2 (~> 2.0.0.rc2)
    nori (2.6.0)
    rack (1.6.4)
    signet (0.7.2)
      addressable (~> 2.3)
      faraday (~> 0.9)
      jwt (~> 1.5)
      multi_json (~> 1.10)
    wasabi (3.5.0)
      httpi (~> 2.0)
      nokogiri (>= 1.4.2)

PLATFORMS
  ruby

DEPENDENCIES
  aws-sdk
  google-adwords-api
  hashie
  mysql2-cs-bind

BUNDLED WITH
   1.11.2
