GEM
  remote: https://rubygems.org/
  specs:
    addressable (2.4.0)
    akami (1.3.1)
      gyoku (>= 0.4.0)
      nokogiri
    aws-sdk (2.5.5)
      aws-sdk-resources (= 2.5.5)
    aws-sdk-core (2.5.5)
      jmespath (~> 1.0)
    aws-sdk-resources (2.5.5)
      aws-sdk-core (= 2.5.5)
    builder (3.2.2)
    faraday (0.9.2)
      multipart-post (>= 1.2, < 3)
    google-ads-common (0.12.3)
      google-ads-savon (~> 1.0.1)
      httpclient (~> 2.7)
      httpi (~> 2.3)
      signet (~> 0.7.0)
    google-ads-savon (1.0.1)
      akami (~> 1.2)
      builder (>= 2.1.2)
      gyoku (~> 1.2)
      httpi (~> 2.3)
      nokogiri (>= 1.4.0)
      nori (~> 2.4)
      wasabi (~> 3.4)
    google-adwords-api (0.20.1)
      google-ads-common (~> 0.12.3)
    gyoku (1.3.1)
      builder (>= 2.1.2)
    hashie (3.4.4)
    httpclient (2.8.2.2)
    httpi (2.4.2)
      rack
      socksify
    jmespath (1.3.1)
    jwt (1.5.4)
    mini_portile2 (2.1.0)
    multi_json (1.12.1)
    multipart-post (2.0.0)
    mysql2 (0.4.4)
    mysql2-cs-bind (0.0.6)
      mysql2
    nokogiri (1.6.8)
      mini_portile2 (~> 2.1.0)
      pkg-config (~> 1.1.7)
    nori (2.6.0)
    parallel (1.9.0)
    pkg-config (1.1.7)
    rack (2.0.1)
    signet (0.7.3)
      addressable (~> 2.3)
      faraday (~> 0.9)
      jwt (~> 1.5)
      multi_json (~> 1.10)
    socksify (1.7.0)
    wasabi (3.5.0)
      httpi (~> 2.0)
      nokogiri (>= 1.4.2)

PLATFORMS
  ruby

DEPENDENCIES
  aws-sdk
  google-adwords-api
  hashie
  mysql2-cs-bind
  parallel

BUNDLED WITH
   1.12.5
